GEM
  remote: http://rubygems.org/
  specs:
    bson (1.8.1)
    bson_ext (1.8.1)
      bson (~> 1.8.1)
    mongo (1.8.1)
      bson (~> 1.8.1)
    mongodb (2.1.0)
      mongo (~> 1.5)
    rack (1.4.3)
    rack-protection (1.3.2)
      rack
    sinatra (1.3.3)
      rack (~> 1.3, >= 1.3.6)
      rack-protection (~> 1.2)
      tilt (~> 1.3, >= 1.3.3)
    tilt (1.3.3)

PLATFORMS
  ruby

DEPENDENCIES
  bson_ext
  mongo
  mongodb
  sinatra
